GEM
  remote: https://rubygems.org/
  specs:
    ansi (1.4.3)
    builder (3.1.4)
    coderay (1.0.8)
    guard (1.5.0)
      listen (>= 0.4.2)
      lumberjack (>= 1.0.2)
      pry (>= 0.9.10)
      thor (>= 0.14.6)
    guard-minitest (0.5.0)
      guard (>= 0.4)
    hashie (1.2.0)
    listen (0.5.3)
    lumberjack (1.0.2)
    method_source (0.8.1)
    minitest (4.1.0)
    minitest-reporters (0.12.0)
      ansi
      builder
      minitest (>= 2.12, < 5.0)
      powerbar
    powerbar (1.0.11)
      ansi (~> 1.4.0)
      hashie (>= 1.1.0)
    pry (0.9.10)
      coderay (~> 1.0.5)
      method_source (~> 0.8)
      slop (~> 3.3.1)
    rake (0.9.2.2)
    slop (3.3.3)
    thor (0.16.0)

PLATFORMS
  ruby

DEPENDENCIES
  guard-minitest
  minitest
  minitest-reporters
  rake
